GEM
  remote: https://rubygems.org/
  specs:
    backports (3.17.1)
    byebug (11.1.3)
    concurrent-ruby (1.1.6)
    daemons (1.3.1)
    docker-api (1.34.2)
      excon (>= 0.47.0)
      multi_json
    duplicate (1.1.1)
    eventmachine (1.2.7)
    excon (0.73.0)
    execjs (2.7.0)
    git (1.7.0)
      rchardet (~> 1.8)
    i18n (1.8.2)
      concurrent-ruby (~> 1.0)
    multi_json (1.14.1)
    mustermann (1.1.1)
      ruby2_keywords (~> 0.0.1)
    rack (2.2.3)
    rack-protection (2.0.8.1)
      rack
    rchardet (1.8.0)
    ruby2_keywords (0.0.2)
    sinatra (2.0.8.1)
      mustermann (~> 1.0)
      rack (~> 2.0)
      rack-protection (= 2.0.8.1)
      tilt (~> 2.0)
    sinatra-contrib (2.0.8.1)
      backports (>= 2.8.2)
      multi_json
      mustermann (~> 1.0)
      rack-protection (= 2.0.8.1)
      sinatra (= 2.0.8.1)
      tilt (~> 2.0)
    thin (1.7.2)
      daemons (~> 1.0, >= 1.0.9)
      eventmachine (~> 1.0, >= 1.0.4)
      rack (>= 1, < 3)
    tilt (2.0.10)
    uglifier (4.2.0)
      execjs (>= 0.3.0, < 3)
    yajl-ruby (1.4.1)

PLATFORMS
  ruby

DEPENDENCIES
  byebug
  docker-api
  duplicate
  git
  i18n
  sinatra
  sinatra-contrib
  thin
  uglifier
  yajl-ruby

BUNDLED WITH
   2.1.2
